PATH
  remote: .
  specs:
    bg_service (0.1.0)

GEM
  remote: https://rubygems.org/
  specs:
    minitest (5.17.0)
    rake (13.0.6)

PLATFORMS
  ruby

DEPENDENCIES
  bg_service!
  minitest (~> 5.0)
  rake (~> 13.0)

BUNDLED WITH
   2.4.3
